GEM
  remote: https://rubygems.org/
  specs:
    minitest (5.10.3)
    rake (12.3.3)

PLATFORMS
  ruby

DEPENDENCIES
  minitest
  rake

BUNDLED WITH
   1.14.5
